GIT
  remote: git://github.com/opal/opal-browser.git
  revision: d863abb55893aa37cab0733bbfb6a066079b46c4
  specs:
    opal-browser (0.1.0.beta1)
      opal (>= 0.5.5)
      paggio

GIT
  remote: git://github.com/opal/opal-jquery.git
  revision: a0530019344d30614b89b2af7549e7f68a6f878f
  specs:
    opal-jquery (0.1.2)
      opal (>= 0.5.0, < 1.0.0)

GIT
  remote: git://github.com/opal/opal.git
  revision: a7738193db16a89da86d3959ecdbd4af2b854060
  specs:
    opal (0.6.0)
      source_map
      sprockets

GEM
  remote: https://rubygems.org/
  specs:
    haml (4.0.4)
      tilt
    hike (1.2.3)
    json (1.8.1)
    multi_json (1.8.2)
    opal-haml (0.2.0)
      haml
      opal (>= 0.5.0, < 1.0.0)
    paggio (0.2.1)
    rack (1.5.2)
    source_map (3.0.1)
      json
    sprockets (2.10.1)
      hike (~> 1.2)
      multi_json (~> 1.0)
      rack (~> 1.0)
      tilt (~> 1.1, != 1.3.0)
    tilt (1.4.1)

PLATFORMS
  ruby

DEPENDENCIES
  opal!
  opal-browser!
  opal-haml
  opal-jquery!
